PATH
  remote: .
  specs:
    ipecache (0.0.11)
      app_conf (>= 0.4.0)
      aws-sdk-v1 (>= 1.0)
      choice (>= 0.1.6)
      faraday_middleware (>= 0.9.0)
      maxcdn (>= 0.2.1)
      public_suffix (>= 1.4.2)

GEM
  remote: https://rubygems.org/
  specs:
    addressable (2.3.8)
    app_conf (0.4.2)
    aws-sdk-v1 (1.65.0)
      json (~> 1.4)
      nokogiri (>= 1.4.4)
    choice (0.2.0)
    curb (0.8.8)
    curb-fu (0.6.2)
      curb (>= 0.5.4.0)
      rack-test (>= 0.2.0)
    faraday (0.9.1)
      multipart-post (>= 1.2, < 3)
    faraday_middleware (0.10.0)
      faraday (>= 0.7.4, < 0.10)
    json (1.8.3)
    jwt (1.5.1)
    maxcdn (0.2.1)
      curb-fu (~> 0.6.2)
      signet (~> 0.5.1)
    mini_portile (0.6.2)
    multi_json (1.11.2)
    multipart-post (2.0.0)
    nokogiri (1.6.6.2)
      mini_portile (~> 0.6.0)
    public_suffix (1.5.1)
    rack (1.6.4)
    rack-test (0.6.3)
      rack (>= 1.0)
    signet (0.5.1)
      addressable (>= 2.2.3)
      faraday (>= 0.9.0.rc5)
      jwt (>= 0.1.5)
      multi_json (>= 1.0.0)

PLATFORMS
  ruby

DEPENDENCIES
  ipecache!

BUNDLED WITH
   1.10.6
